GEM
  remote: https://rubygems.org/
  specs:
    concurrent-ruby (1.2.2)
    faker (3.1.1)
      i18n (>= 1.8.11, < 2)
    i18n (1.12.0)
      concurrent-ruby (~> 1.0)
    ruby2d (0.11.3)

PLATFORMS
  x86_64-linux

DEPENDENCIES
  faker (~> 3.1.1)
  ruby2d (~> 0.11.3)

BUNDLED WITH
   2.2.3
